PATH
  remote: .
  specs:
    ierail (0.4.0)
      json (~> 1.8, >= 1.8.1)
      nokogiri (~> 1.6, >= 1.6.1)
      rest-client (~> 1.6, >= 1.6.7)
      tzinfo (~> 1.1, >= 1.1.0)

GEM
  remote: https://rubygems.org/
  specs:
    colorize (0.5.8)
    coveralls (0.6.6)
      colorize
      multi_json (~> 1.3)
      rest-client
      simplecov (>= 0.7)
      thor
    json (1.8.1)
    json (1.8.1-java)
    mime-types (1.23)
    mini_portile (0.5.3)
    multi_json (1.7.3)
    nokogiri (1.6.1)
      mini_portile (~> 0.5.0)
    nokogiri (1.6.1-java)
      mini_portile (~> 0.5.0)
    rake (10.0.4)
    rest-client (1.6.7)
      mime-types (>= 1.16)
    simplecov (0.7.1)
      multi_json (~> 1.0)
      simplecov-html (~> 0.7.1)
    simplecov-html (0.7.1)
    thor (0.18.1)
    thread_safe (0.3.3)
    thread_safe (0.3.3-java)
    tzinfo (1.1.0)
      thread_safe (~> 0.1)

PLATFORMS
  java
  ruby

DEPENDENCIES
  coveralls
  ierail!
  rake
