PATH
  remote: .
  specs:
    ierail (0.3.5)
      json (~> 1.7.7)
      nokogiri (~> 1.5.0)
      rest-client (~> 1.6.7)
      tzinfo (~> 0.3.37)

GEM
  remote: https://rubygems.org/
  specs:
    addressable (2.3.6)
    colorize (0.5.8)
    coveralls (0.6.6)
      colorize
      multi_json (~> 1.3)
      rest-client
      simplecov (>= 0.7)
      thor
    crack (0.4.2)
      safe_yaml (~> 1.0.0)
    json (1.7.7)
    mime-types (1.23)
    multi_json (1.7.3)
    nokogiri (1.5.11)
    rake (10.0.4)
    rest-client (1.6.7)
      mime-types (>= 1.16)
    safe_yaml (1.0.2)
    simplecov (0.7.1)
      multi_json (~> 1.0)
      simplecov-html (~> 0.7.1)
    simplecov-html (0.7.1)
    thor (0.18.1)
    timecop (0.6.3)
    tzinfo (0.3.39)
    vcr (2.9.0)
    webmock (1.17.4)
      addressable (>= 2.2.7)
      crack (>= 0.3.2)

PLATFORMS
  ruby

DEPENDENCIES
  coveralls
  ierail!
  rake
  timecop (~> 0.6.2)
  vcr (~> 2.9.0)
  webmock (~> 1.17.4)
